{
	"Modality": "MR",
	"MagneticFieldStrength": 3,
	"Manufacturer": "Siemens",
	"ManufacturersModelName": "TrioTim",
	"InstitutionName": "BNU_MRI_Center",
	"InstitutionalDepartmentName": "Department",
	"InstitutionAddress": "Xinjiekouwai_Street_No_19_Beijing_Haidian_District_CN_100875",
	"DeviceSerialNumber": "35193",
	"StationName": "MRC35193",
	"PatientPosition": "HFS",
	"ProcedureStepDescription": "BNU_cst_2015_Liu.Jia",
	"SoftwareVersions": "syngo_MR_B17",
	"MRAcquisitionType": "2D",
	"SeriesDescription": "ge_func_pace_3x3x3.5_185",
	"ProtocolName": "ge_func_pace_3x3x3.5_185",
	"ScanningSequence": "EP",
	"SequenceVariant": "SK",
	"ScanOptions": "FS",
	"SequenceName": "_epfid2d1_64",
	"ImageType": ["ORIGINAL", "PRIMARY", "M", "ND", "MOSAIC"],
	"SeriesNumber": 2,
	"AcquisitionTime": "12:03:9.352500",
	"AcquisitionNumber": 1,
	"SliceThickness": 3.5,
	"SpacingBetweenSlices": 4.2,
	"SAR": 0.144054,
	"EchoTime": 0.03,
	"RepetitionTime": 2,
	"FlipAngle": 90,
	"PartialFourier": 1,
	"BaseResolution": 64,
	"ShimSetting": [
		-4501,
		-19398,
		-9710,
		1045,
		111,
		-224,
		-91,
		-23	],
	"TxRefAmp": 343.006,
	"PhaseResolution": 1,
	"ReceiveCoilName": "HeadMatrix",
	"PulseSequenceDetails": "%SiemensSeq%_ep2d_bold",
	"PercentPhaseFOV": 100,
	"PhaseEncodingSteps": 64,
	"AcquisitionMatrixPE": 64,
	"ReconMatrixPE": 64,
	"BandwidthPerPixelPhaseEncode": 33.967,
	"EffectiveEchoSpacing": 0.000460005,
	"DerivedVendorReportedEchoSpacing": 0.000460005,
	"TotalReadoutTime": 0.0289803,
	"PixelBandwidth": 2520,
	"DwellTime": 3.1e-06,
	"PhaseEncodingDirection": "j-",
	"SliceTiming": [
		0,
		1.035,
		0.0625,
		1.095,
		0.1225,
		1.1575,
		0.1825,
		1.2175,
		0.245,
		1.2775,
		0.305,
		1.34,
		0.365,
		1.4,
		0.4275,
		1.46,
		0.4875,
		1.5225,
		0.5475,
		1.5825,
		0.61,
		1.6425,
		0.67,
		1.705,
		0.73,
		1.765,
		0.7925,
		1.825,
		0.8525,
		1.8875,
		0.9125,
		1.9475,
		0.975	],
	"ImageOrientationPatientDICOM": [
		1,
		0,
		0,
		0,
		1,
		0	],
	"InPlanePhaseEncodingDirectionDICOM": "COL",
	"ConversionSoftware": "dcm2niix",
	"ConversionSoftwareVersion": "v1.0.20180622 GCC4.9.2"
}
