{
	"Modality": "MR",
	"MagneticFieldStrength": 3,
	"Manufacturer": "Siemens",
	"ManufacturersModelName": "TrioTim",
	"InstitutionName": "BNU_MRI_Center",
	"InstitutionalDepartmentName": "Department",
	"InstitutionAddress": "Xinjiekouwai_Street_No_19_Beijing_Haidian_District_CN_100875",
	"DeviceSerialNumber": "35193",
	"StationName": "MRC35193",
	"PatientPosition": "HFS",
	"ProcedureStepDescription": "BNU_cst_2015_Liu.Jia",
	"SoftwareVersions": "syngo_MR_B17",
	"MRAcquisitionType": "2D",
	"SeriesDescription": "ge_func_pace_3x3x3.5_185",
	"ProtocolName": "ge_func_pace_3x3x3.5_185",
	"ScanningSequence": "EP",
	"SequenceVariant": "SK",
	"ScanOptions": "FS",
	"SequenceName": "_epfid2d1_64",
	"ImageType": ["ORIGINAL", "PRIMARY", "M", "ND", "MOSAIC"],
	"SeriesNumber": 2,
	"AcquisitionTime": "15:29:53.217500",
	"AcquisitionNumber": 1,
	"SliceThickness": 3.5,
	"SpacingBetweenSlices": 4.2,
	"SAR": 0.150768,
	"EchoTime": 0.03,
	"RepetitionTime": 2,
	"FlipAngle": 90,
	"PartialFourier": 1,
	"BaseResolution": 64,
	"ShimSetting": [
		-4535,
		-19384,
		-9790,
		970,
		-67,
		-299,
		305,
		58	],
	"TxRefAmp": 320.241,
	"PhaseResolution": 1,
	"ReceiveCoilName": "HeadMatrix",
	"PulseSequenceDetails": "%SiemensSeq%_ep2d_bold",
	"PercentPhaseFOV": 100,
	"PhaseEncodingSteps": 64,
	"AcquisitionMatrixPE": 64,
	"ReconMatrixPE": 64,
	"BandwidthPerPixelPhaseEncode": 33.967,
	"EffectiveEchoSpacing": 0.000460005,
	"DerivedVendorReportedEchoSpacing": 0.000460005,
	"TotalReadoutTime": 0.0289803,
	"PixelBandwidth": 2520,
	"DwellTime": 3.1e-06,
	"PhaseEncodingDirection": "j-",
	"SliceTiming": [
		0,
		1.0325,
		0.06,
		1.095,
		0.12,
		1.155,
		0.1825,
		1.215,
		0.2425,
		1.2775,
		0.3025,
		1.3375,
		0.365,
		1.3975,
		0.425,
		1.46,
		0.485,
		1.52,
		0.5475,
		1.58,
		0.6075,
		1.6425,
		0.6675,
		1.7025,
		0.73,
		1.7625,
		0.79,
		1.825,
		0.85,
		1.885,
		0.9125,
		1.945,
		0.9725	],
	"ImageOrientationPatientDICOM": [
		1,
		0,
		0,
		0,
		1,
		0	],
	"InPlanePhaseEncodingDirectionDICOM": "COL",
	"ConversionSoftware": "dcm2niix",
	"ConversionSoftwareVersion": "v1.0.20180622 GCC4.9.2"
}
